GEM
  remote: https://rubygems.org/
  specs:
    blabla (0.0.2)
    byebug (11.0.1)
    childprocess (1.0.1)
      rake (< 13.0)
    colorize (0.8.1)
    concurrent-ruby (1.1.5)
    cpf_cnpj (0.5.0)
    daemons (1.3.1)
    eventmachine (1.2.7)
    fake_person (1.0.3)
    faker (1.9.3)
      i18n (>= 0.7)
    fileutils (1.2.0)
    filewatcher (1.1.1)
      optimist (~> 3.0)
    finishing_moves (1.2.1)
    highline (2.0.3)
    i18n (1.6.0)
      concurrent-ruby (~> 1.0)
    jenkins_api_client (0.11.0)
      json
      mixlib-shellout (~> 1.1.0)
      nokogiri
      terminal-table (>= 1.4.0)
      thor (>= 0.16.0)
    json (2.6.2)
    logger (1.3.0)
    mini_portile2 (2.8.0)
    mixlib-shellout (1.1.0)
    niceql (0.1.25)
    nokogiri (1.13.9)
      mini_portile2 (~> 2.8.0)
      racc (~> 1.4)
    optimist (3.0.0)
    options (2.3.2)
    process_exists (0.2.0)
    progress_bar (1.3.3)
      highline (>= 1.6, < 3)
      options (~> 2.3.0)
    racc (1.6.0)
    rack (2.2.4)
    rake (12.3.2)
    require_all (2.0.0)
    rexml (3.2.5)
    ruby-oci8 (2.2.11)
    rubyzip (1.2.2)
    selenium-webdriver (4.5.0)
      childprocess (>= 0.5, < 5.0)
      rexml (~> 3.2, >= 3.2.5)
      rubyzip (>= 1.2.2, < 3.0)
      websocket (~> 1.0)
    sequel (5.61.0)
    sqlite3 (1.5.3)
      mini_portile2 (~> 2.8.0)
    terminal-notifier (2.0.0)
    terminal-table (1.8.0)
      unicode-display_width (~> 1.1, >= 1.1.1)
    thin (1.8.1)
      daemons (~> 1.0, >= 1.0.9)
      eventmachine (~> 1.0, >= 1.0.4)
      rack (>= 1, < 3)
    thor (0.20.3)
    unicode-display_width (1.6.0)
    websocket (1.2.9)

PLATFORMS
  ruby

DEPENDENCIES
  blabla
  byebug
  colorize
  cpf_cnpj
  daemons
  fake_person
  faker
  fileutils
  filewatcher
  finishing_moves
  jenkins_api_client
  json
  logger
  niceql
  nokogiri
  optimist
  process_exists
  progress_bar
  rack (>= 1.0)
  require_all
  ruby-oci8 (~> 2.2, >= 2.2.2)
  selenium-webdriver
  sequel
  sqlite3
  terminal-notifier
  thin (~> 1.1)

BUNDLED WITH
   2.0.1
